PATH
  remote: .
  specs:
    jiveapps (0.0.8.alpha)
      activesupport (= 2.3.5)
      rest-client (= 1.6.1)
      rubigen (= 1.5.5)

GEM
  remote: http://rubygems.org/
  specs:
    activesupport (2.3.5)
    addressable (2.2.2)
    crack (0.1.8)
    diff-lcs (1.1.2)
    mime-types (1.16)
    rest-client (1.6.1)
      mime-types (>= 1.16)
    rspec (2.2.0)
      rspec-core (~> 2.2)
      rspec-expectations (~> 2.2)
      rspec-mocks (~> 2.2)
    rspec-core (2.2.1)
    rspec-expectations (2.2.0)
      diff-lcs (~> 1.1.2)
    rspec-mocks (2.2.0)
    rubigen (1.5.5)
      activesupport (~> 2.3.5)
    webmock (1.6.1)
      addressable (>= 2.2.2)
      crack (>= 0.1.7)

PLATFORMS
  ruby

DEPENDENCIES
  activesupport (= 2.3.5)
  jiveapps!
  rest-client (= 1.6.1)
  rspec (>= 2.2.0)
  rubigen (= 1.5.5)
  webmock (>= 1.6.1)
